GEM
  remote: http://rubygems.org/
  specs:
    activemodel (3.0.9)
      activesupport (= 3.0.9)
      builder (~> 2.1.2)
      i18n (~> 0.5.0)
    activesupport (3.0.9)
    akami (1.0.0)
      gyoku (>= 0.4.0)
    bson (1.3.1)
    bson_ext (1.3.1)
    builder (2.1.2)
    crack (0.1.8)
    daemons (1.1.4)
    eventmachine (0.12.10)
    gyoku (0.4.4)
      builder (>= 2.1.2)
    haml (3.1.2)
    httparty (0.8.1)
      multi_json
      multi_xml
    httpi (0.9.5)
      rack
    i18n (0.5.0)
    mongo (1.3.1)
      bson (>= 1.3.1)
    mongoid (2.1.7)
      activemodel (~> 3.0)
      mongo (~> 1.3)
      tzinfo (~> 0.3.22)
    multi_json (1.0.3)
    multi_xml (0.4.1)
    nokogiri (1.5.0)
    nokogiri (1.5.0-x86-mingw32)
    nori (1.0.2)
    pusher (0.8.4)
      crack (~> 0.1.0)
      multi_json (~> 1.0)
      ruby-hmac (~> 0.4.0)
      signature (~> 0.1.2)
    rack (1.3.2)
    ruby-hmac (0.4.0)
    savon (0.9.6)
      akami (~> 1.0)
      builder (>= 2.1.2)
      gyoku (>= 0.4.0)
      httpi (~> 0.9)
      nokogiri (>= 1.4.0)
      nori (~> 1.0)
      wasabi (~> 2.0)
    signature (0.1.2)
      ruby-hmac
    sinatra (1.2.6)
      rack (~> 1.1)
      tilt (>= 1.2.2, < 2.0)
    thin (1.3.1)
      daemons (>= 1.0.9)
      eventmachine (>= 0.12.6)
      rack (>= 1.0.0)
    tilt (1.3.2)
    tzinfo (0.3.29)
    wasabi (2.0.0)
      nokogiri (>= 1.4.0)

PLATFORMS
  ruby
  x86-mingw32

DEPENDENCIES
  bson_ext (~> 1.3)
  haml
  httparty
  mongoid (~> 2.1)
  pusher
  savon
  sinatra
  thin
